PATH
  remote: .
  specs:
    markdown_editor_presenter_plugin (0.1.0)

GEM
  remote: https://rubygems.org/
  specs:
    minitest (5.13.0)
    rake (10.4.2)

PLATFORMS
  ruby

DEPENDENCIES
  bundler (~> 2.0)
  markdown_editor_presenter_plugin!
  minitest (~> 5.0)
  rake (~> 10.0)

BUNDLED WITH
   2.0.2
